GEM
  remote: https://rubygems.org/
  specs:
    RubyInline (3.12.3)
      ZenTest (~> 4.3)
    ZenTest (4.11.0)
    addressable (2.3.7)
    apns (1.0.0)
    dimensions (1.3.0)
    fastimage (1.6.8)
      addressable (~> 2.3, >= 2.3.5)
    fastimage_resize (2.0.3)
      RubyInline (>= 3.8.2)
      fastimage (>= 1.2.9)
    json (1.8.2)
    kgio (2.9.3)
    mysql2 (0.3.18)
    rack (1.6.0)
    rack-protection (1.5.3)
      rack
    raindrops (0.13.0)
    sinatra (1.4.5)
      rack (~> 1.4)
      rack-protection (~> 1.4)
      tilt (~> 1.3, >= 1.3.4)
    tilt (1.4.1)
    unicorn (4.8.3)
      kgio (~> 2.6)
      rack
      raindrops (~> 0.7)

PLATFORMS
  ruby

DEPENDENCIES
  ZenTest (>= 4.3)
  apns
  dimensions
  fastimage_resize
  json
  mysql2
  sinatra
  unicorn
